GEM
  remote: https://rubygems.org/
  specs:
    byebug (8.2.1)
    minitest (5.8.3)
    rake (10.4.2)

PLATFORMS
  ruby

DEPENDENCIES
  byebug
  minitest
  rake

BUNDLED WITH
   1.10.6
